GEM
  remote: https://rubygems.org/
  specs:
    diff-lcs (1.3)
    minitest (5.10.3)
    rack (1.6.12)
    rack-protection (1.5.5)
      rack
    rack-test (0.8.2)
      rack (>= 1.0, < 3)
    rake (12.3.3)
    rspec (3.7.0)
      rspec-core (~> 3.7.0)
      rspec-expectations (~> 3.7.0)
      rspec-mocks (~> 3.7.0)
    rspec-core (3.7.0)
      rspec-support (~> 3.7.0)
    rspec-expectations (3.7.0)
      diff-lcs (>= 1.2.0, < 2.0)
      rspec-support (~> 3.7.0)
    rspec-mocks (3.7.0)
      diff-lcs (>= 1.2.0, < 2.0)
      rspec-support (~> 3.7.0)
    rspec-support (3.7.0)
    sinatra (1.4.8)
      rack (~> 1.5)
      rack-protection (~> 1.4)
      tilt (>= 1.3, < 3)
    sinatra-cross_origin (0.3.2)
    tilt (2.0.8)

PLATFORMS
  ruby

DEPENDENCIES
  bundler
  minitest
  rack (~> 1.6.12)
  rack-protection (~> 1.5.5)
  rack-test
  rake
  rspec
  sinatra (~> 1.4.5)
  sinatra-cross_origin (~> 0.3.1)

RUBY VERSION
   ruby 2.6.3p62

BUNDLED WITH
   2.1.4
